GEM
  remote: https://rubygems.org/
  specs:
    dotenv (2.8.1)
    faraday (2.7.4)
      faraday-net_http (>= 2.0, < 3.1)
      ruby2_keywords (>= 0.0.4)
    faraday-net_http (3.0.2)
    ruby2_keywords (0.0.5)
    sqlite3 (1.6.0-x86_64-linux)

PLATFORMS
  x86_64-linux

DEPENDENCIES
  dotenv
  faraday
  sqlite3

BUNDLED WITH
   2.3.5
